GEM
  remote: http://rubygems.org/
  specs:
    diff-lcs (1.1.3)
    mime-types (1.18)
    rack (1.4.1)
    rake (0.9.2.2)
    rest-client (1.6.7)
      mime-types (>= 1.16)
    rspec (2.10.0)
      rspec-core (~> 2.10.0)
      rspec-expectations (~> 2.10.0)
      rspec-mocks (~> 2.10.0)
    rspec-core (2.10.1)
    rspec-expectations (2.10.0)
      diff-lcs (~> 1.1.3)
    rspec-mocks (2.10.1)
    timecop (0.3.5)

PLATFORMS
  ruby

DEPENDENCIES
  rack (~> 1.4.1)
  rake
  rest-client (~> 1.6.7)
  rspec (~> 2.10.0)
  timecop (~> 0.3.5)
